GIT
  remote: https://github.com/rails/rails.git
  revision: 7b670848e1362cd3f708417dc8db518b265bb189
  branch: main
  specs:
    actioncable (7.1.0.beta1)
      actionpack (= 7.1.0.beta1)
      activesupport (= 7.1.0.beta1)
      nio4r (~> 2.0)
      websocket-driver (>= 0.6.1)
      zeitwerk (~> 2.6)
    actionmailbox (7.1.0.beta1)
      actionpack (= 7.1.0.beta1)
      activejob (= 7.1.0.beta1)
      activerecord (= 7.1.0.beta1)
      activestorage (= 7.1.0.beta1)
      activesupport (= 7.1.0.beta1)
      mail (>= 2.7.1)
      net-imap
      net-pop
      net-smtp
    actionmailer (7.1.0.beta1)
      actionpack (= 7.1.0.beta1)
      actionview (= 7.1.0.beta1)
      activejob (= 7.1.0.beta1)
      activesupport (= 7.1.0.beta1)
      mail (~> 2.5, >= 2.5.4)
      net-imap
      net-pop
      net-smtp
      rails-dom-testing (~> 2.2)
    actionpack (7.1.0.beta1)
      actionview (= 7.1.0.beta1)
      activesupport (= 7.1.0.beta1)
      nokogiri (>= 1.8.5)
      rack (>= 2.2.4)
      rack-session (>= 1.0.1)
      rack-test (>= 0.6.3)
      rails-dom-testing (~> 2.2)
      rails-html-sanitizer (~> 1.6)
    actiontext (7.1.0.beta1)
      actionpack (= 7.1.0.beta1)
      activerecord (= 7.1.0.beta1)
      activestorage (= 7.1.0.beta1)
      activesupport (= 7.1.0.beta1)
      globalid (>= 0.6.0)
      nokogiri (>= 1.8.5)
    actionview (7.1.0.beta1)
      activesupport (= 7.1.0.beta1)
      builder (~> 3.1)
      erubi (~> 1.11)
      rails-dom-testing (~> 2.2)
      rails-html-sanitizer (~> 1.6)
    activejob (7.1.0.beta1)
      activesupport (= 7.1.0.beta1)
      globalid (>= 0.3.6)
    activemodel (7.1.0.beta1)
      activesupport (= 7.1.0.beta1)
    activerecord (7.1.0.beta1)
      activemodel (= 7.1.0.beta1)
      activesupport (= 7.1.0.beta1)
      timeout (>= 0.4.0)
    activestorage (7.1.0.beta1)
      actionpack (= 7.1.0.beta1)
      activejob (= 7.1.0.beta1)
      activerecord (= 7.1.0.beta1)
      activesupport (= 7.1.0.beta1)
      marcel (~> 1.0)
    activesupport (7.1.0.beta1)
      base64
      bigdecimal
      concurrent-ruby (~> 1.0, >= 1.0.2)
      connection_pool (>= 2.2.5)
      drb
      i18n (>= 1.6, < 2)
      minitest (>= 5.1)
      mutex_m
      tzinfo (~> 2.0)
    rails (7.1.0.beta1)
      actioncable (= 7.1.0.beta1)
      actionmailbox (= 7.1.0.beta1)
      actionmailer (= 7.1.0.beta1)
      actionpack (= 7.1.0.beta1)
      actiontext (= 7.1.0.beta1)
      actionview (= 7.1.0.beta1)
      activejob (= 7.1.0.beta1)
      activemodel (= 7.1.0.beta1)
      activerecord (= 7.1.0.beta1)
      activestorage (= 7.1.0.beta1)
      activesupport (= 7.1.0.beta1)
      bundler (>= 1.15.0)
      railties (= 7.1.0.beta1)
    railties (7.1.0.beta1)
      actionpack (= 7.1.0.beta1)
      activesupport (= 7.1.0.beta1)
      irb
      rackup (>= 1.0.0)
      rake (>= 12.2)
      thor (~> 1.0, >= 1.2.2)
      zeitwerk (~> 2.6)

GEM
  remote: https://rubygems.org/
  specs:
    addressable (2.8.4)
      public_suffix (>= 2.0.2, < 6.0)
    autoprefixer-rails (10.4.13.0)
      execjs (~> 2)
    base64 (0.1.1)
    bcrypt (3.1.19)
    bigdecimal (3.1.4)
    bindex (0.8.1)
    bootsnap (1.16.0)
      msgpack (~> 1.2)
    bootstrap (5.3.1)
      autoprefixer-rails (>= 9.1.0)
      popper_js (>= 2.11.8, < 3)
      sassc-rails (>= 2.0.0)
    builder (3.2.4)
    capybara (3.39.2)
      addressable
      matrix
      mini_mime (>= 0.1.3)
      nokogiri (~> 1.8)
      rack (>= 1.6.0)
      rack-test (>= 0.6.3)
      regexp_parser (>= 1.5, < 3.0)
      xpath (~> 3.2)
    concurrent-ruby (1.2.2)
    connection_pool (2.4.1)
    crass (1.0.6)
    dartsass-rails (0.5.0)
      railties (>= 6.0.0)
      sass-embedded (~> 1.63)
    date (3.3.3)
    debug (1.8.0)
      irb (>= 1.5.0)
      reline (>= 0.3.1)
    diff-lcs (1.5.0)
    drb (2.1.1)
      ruby2_keywords
    erubi (1.12.0)
    execjs (2.8.1)
    factory_bot (6.2.1)
      activesupport (>= 5.0.0)
    factory_bot_rails (6.2.0)
      factory_bot (~> 6.2.0)
      railties (>= 5.0.0)
    ffi (1.15.5)
    globalid (1.2.1)
      activesupport (>= 6.1)
    google-protobuf (3.23.4)
    i18n (1.14.1)
      concurrent-ruby (~> 1.0)
    importmap-rails (1.2.1)
      actionpack (>= 6.0.0)
      railties (>= 6.0.0)
    io-console (0.6.0)
    irb (1.8.1)
      rdoc
      reline (>= 0.3.8)
    jbuilder (2.11.5)
      actionview (>= 5.0.0)
      activesupport (>= 5.0.0)
    loofah (2.21.3)
      crass (~> 1.0.2)
      nokogiri (>= 1.12.0)
    mail (2.8.1)
      mini_mime (>= 0.1.1)
      net-imap
      net-pop
      net-smtp
    marcel (1.0.2)
    matrix (0.4.2)
    mini_mime (1.1.5)
    mini_portile2 (2.8.4)
    minitest (5.20.0)
    msgpack (1.6.0)
    mutex_m (0.1.2)
    net-imap (0.3.7)
      date
      net-protocol
    net-pop (0.1.2)
      net-protocol
    net-protocol (0.2.1)
      timeout
    net-smtp (0.3.3)
      net-protocol
    nio4r (2.5.9)
    nokogiri (1.15.4)
      mini_portile2 (~> 2.8.2)
      racc (~> 1.4)
    pg (1.5.4)
    popper_js (2.11.8)
    propshaft (0.7.0)
      actionpack (>= 7.0.0)
      activesupport (>= 7.0.0)
      rack
      railties (>= 7.0.0)
    psych (5.1.0)
      stringio
    public_suffix (5.0.1)
    puma (6.3.1)
      nio4r (~> 2.0)
    racc (1.7.1)
    rack (3.0.8)
    rack-session (2.0.0)
      rack (>= 3.0.0)
    rack-test (2.1.0)
      rack (>= 1.3)
    rackup (2.1.0)
      rack (>= 3)
      webrick (~> 1.8)
    rails-dom-testing (2.2.0)
      activesupport (>= 5.0.0)
      minitest
      nokogiri (>= 1.6)
    rails-html-sanitizer (1.6.0)
      loofah (~> 2.21)
      nokogiri (~> 1.14)
    rails-i18n (7.0.8)
      i18n (>= 0.7, < 2)
      railties (>= 6.0.0, < 8)
    rake (13.0.6)
    rdoc (6.5.0)
      psych (>= 4.0.0)
    redis (5.0.7)
      redis-client (>= 0.9.0)
    redis-client (0.15.0)
      connection_pool
    regexp_parser (2.8.1)
    reline (0.3.8)
      io-console (~> 0.5)
    rexml (3.2.6)
    rspec-core (3.12.2)
      rspec-support (~> 3.12.0)
    rspec-expectations (3.12.3)
      diff-lcs (>= 1.2.0, < 2.0)
      rspec-support (~> 3.12.0)
    rspec-mocks (3.12.5)
      diff-lcs (>= 1.2.0, < 2.0)
      rspec-support (~> 3.12.0)
    rspec-rails (6.0.3)
      actionpack (>= 6.1)
      activesupport (>= 6.1)
      railties (>= 6.1)
      rspec-core (~> 3.12)
      rspec-expectations (~> 3.12)
      rspec-mocks (~> 3.12)
      rspec-support (~> 3.12)
    rspec-support (3.12.0)
    ruby2_keywords (0.0.5)
    rubyzip (2.3.2)
    sass-embedded (1.63.6)
      google-protobuf (~> 3.23)
      rake (>= 13.0.0)
    sassc (2.4.0)
      ffi (~> 1.9)
    sassc-rails (2.1.2)
      railties (>= 4.0.0)
      sassc (>= 2.0)
      sprockets (> 3.0)
      sprockets-rails
      tilt
    selenium-webdriver (4.13.0)
      rexml (~> 3.2, >= 3.2.5)
      rubyzip (>= 1.2.2, < 3.0)
      websocket (~> 1.0)
    sprockets (4.2.0)
      concurrent-ruby (~> 1.0)
      rack (>= 2.2.4, < 4)
    sprockets-rails (3.4.2)
      actionpack (>= 5.2)
      activesupport (>= 5.2)
      sprockets (>= 3.0.0)
    stimulus-rails (1.2.2)
      railties (>= 6.0.0)
    stringio (3.0.8)
    thor (1.2.2)
    tilt (2.2.0)
    timeout (0.4.0)
    turbo-rails (1.4.0)
      actionpack (>= 6.0.0)
      activejob (>= 6.0.0)
      railties (>= 6.0.0)
    tzinfo (2.0.6)
      concurrent-ruby (~> 1.0)
    web-console (4.2.1)
      actionview (>= 6.0.0)
      activemodel (>= 6.0.0)
      bindex (>= 0.4.0)
      railties (>= 6.0.0)
    webdrivers (5.2.0)
      nokogiri (~> 1.6)
      rubyzip (>= 1.3.0)
      selenium-webdriver (~> 4.0)
    webrick (1.8.1)
    websocket (1.2.10)
    websocket-driver (0.7.6)
      websocket-extensions (>= 0.1.0)
    websocket-extensions (0.1.5)
    xpath (3.2.0)
      nokogiri (~> 1.8)
    zeitwerk (2.6.11)

PLATFORMS
  ruby

DEPENDENCIES
  bcrypt (~> 3.1.19)
  bootsnap
  bootstrap
  capybara
  dartsass-rails (~> 0.5.0)
  debug
  factory_bot_rails
  importmap-rails
  jbuilder
  pg (~> 1.5)
  propshaft
  puma (~> 6.3)
  rails!
  rails-i18n
  redis (~> 5.0)
  rspec-rails
  selenium-webdriver
  stimulus-rails
  turbo-rails
  tzinfo-data
  web-console
  webdrivers

RUBY VERSION
   ruby 3.2.2p53

BUNDLED WITH
   2.3.9
